GEM
  remote: https://rubygems.org/
  specs:
    daemons (1.1.9)
    eventmachine (1.0.0)
    foreman (0.59.0)
      thor (>= 0.13.6)
    icalendar (1.2.1)
    rack (1.4.1)
    rack-protection (1.2.0)
      rack
    sinatra (1.3.3)
      rack (~> 1.3, >= 1.3.6)
      rack-protection (~> 1.2)
      tilt (~> 1.3, >= 1.3.3)
    thin (1.5.0)
      daemons (>= 1.0.9)
      eventmachine (>= 0.12.6)
      rack (>= 1.0.0)
    thor (0.16.0)
    tilt (1.3.3)

PLATFORMS
  ruby

DEPENDENCIES
  foreman
  icalendar
  sinatra
  thin
